GIT
  remote: git@github.com:httplab/insales_api.git
  revision: 024605e26ab39f6ddd50c58385421d7f2b91ac20
  branch: master
  specs:
    insales_api (0.1.0.pre)
      activeresource (>= 3.0.0)
      activesupport (>= 3.0.0)

GIT
  remote: git@github.com:schacon/ruby-git.git
  revision: 41d9e3e4958b491a9595d7c216ba4278246bde5f
  branch: master
  specs:
    git (1.2.6)

GEM
  remote: https://rubygems.org/
  specs:
    activemodel (4.0.2)
      activesupport (= 4.0.2)
      builder (~> 3.1.0)
    activeresource (4.0.0)
      activemodel (~> 4.0)
      activesupport (~> 4.0)
      rails-observers (~> 0.1.1)
    activesupport (4.0.2)
      i18n (~> 0.6, >= 0.6.4)
      minitest (~> 4.2)
      multi_json (~> 1.3)
      thread_safe (~> 0.1)
      tzinfo (~> 0.3.37)
    atomic (1.1.14)
    awesome_print (1.2.0)
    builder (3.1.4)
    celluloid (0.15.2)
      timers (~> 1.1.0)
    celluloid-io (0.15.0)
      celluloid (>= 0.15.0)
      nio4r (>= 0.5.0)
    colorize (0.6.0)
    diff-lcs (1.2.5)
    ffi (1.9.3)
    i18n (0.6.9)
    listen (2.5.0)
      celluloid (>= 0.15.2)
      celluloid-io (>= 0.15.0)
      rb-fsevent (>= 0.9.3)
      rb-inotify (>= 0.9)
    minitest (4.7.5)
    multi_json (1.8.4)
    nio4r (1.0.0)
    rails-observers (0.1.2)
      activemodel (~> 4.0)
    rake (10.1.1)
    rb-fsevent (0.9.4)
    rb-inotify (0.9.3)
      ffi (>= 0.5.0)
    rspec (2.14.1)
      rspec-core (~> 2.14.0)
      rspec-expectations (~> 2.14.0)
      rspec-mocks (~> 2.14.0)
    rspec-core (2.14.8)
    rspec-expectations (2.14.5)
      diff-lcs (>= 1.1.3, < 2.0)
    rspec-mocks (2.14.6)
    thread_safe (0.1.3)
      atomic
    timers (1.1.0)
    trollop (2.0)
    tzinfo (0.3.38)

PLATFORMS
  ruby

DEPENDENCIES
  awesome_print
  colorize
  git!
  insales_api!
  listen
  rake
  rspec
  trollop
