GIT
  remote: git@github.com:httplab/insales_api.git
  revision: 95d67cd59d480f473019041fde18c8b5642d163d
  branch: master
  specs:
    insales_api (0.1.0.pre)
      activeresource (>= 3.0.0)
      activesupport (>= 3.0.0)

PATH
  remote: .
  specs:
    insup (0.1)
      colorize
      gli
      listen (~> 2.7.1)
      trollop

GEM
  remote: https://rubygems.org/
  specs:
    activemodel (4.1.0)
      activesupport (= 4.1.0)
      builder (~> 3.1)
    activeresource (4.0.0)
      activemodel (~> 4.0)
      activesupport (~> 4.0)
      rails-observers (~> 0.1.1)
    activesupport (4.1.0)
      i18n (~> 0.6, >= 0.6.9)
      json (~> 1.7, >= 1.7.7)
      minitest (~> 5.1)
      thread_safe (~> 0.1)
      tzinfo (~> 1.1)
    builder (3.2.2)
    celluloid (0.15.2)
      timers (~> 1.1.0)
    celluloid-io (0.15.0)
      celluloid (>= 0.15.0)
      nio4r (>= 0.5.0)
    colorize (0.7.2)
    diff-lcs (1.2.5)
    ffi (1.9.3)
    gli (2.10.0)
    i18n (0.6.9)
    json (1.8.1)
    listen (2.7.2)
      celluloid (>= 0.15.2)
      celluloid-io (>= 0.15.0)
      rb-fsevent (>= 0.9.3)
      rb-inotify (>= 0.9)
    minitest (5.3.3)
    nio4r (1.0.0)
    rails-observers (0.1.2)
      activemodel (~> 4.0)
    rb-fsevent (0.9.4)
    rb-inotify (0.9.3)
      ffi (>= 0.5.0)
    rspec (2.14.1)
      rspec-core (~> 2.14.0)
      rspec-expectations (~> 2.14.0)
      rspec-mocks (~> 2.14.0)
    rspec-core (2.14.8)
    rspec-expectations (2.14.5)
      diff-lcs (>= 1.1.3, < 2.0)
    rspec-mocks (2.14.6)
    thread_safe (0.3.3)
    timers (1.1.0)
    trollop (2.0)
    tzinfo (1.1.0)
      thread_safe (~> 0.1)

PLATFORMS
  ruby

DEPENDENCIES
  insales_api!
  insup!
  rspec (~> 2.0)
