GEM
  remote: https://rubygems.org/
  specs:
    diff-lcs (1.2.5)
    fssm (0.2.10)
    grit (2.5.0)
      diff-lcs (~> 1.1)
      mime-types (~> 1.15)
      posix-spawn (~> 0.3.6)
    mime-types (1.25.1)
    posix-spawn (0.3.8)
    rake (10.1.1)

PLATFORMS
  ruby

DEPENDENCIES
  fssm
  grit
  rake
