GIT
  remote: git@github.com:schacon/ruby-git.git
  revision: 41d9e3e4958b491a9595d7c216ba4278246bde5f
  branch: master
  specs:
    git (1.2.6)

GEM
  remote: https://rubygems.org/
  specs:
    awesome_print (1.2.0)
    colorize (0.6.0)
    mime-types (2.1)
    rake (10.1.1)
    rest-client (1.6.7)
      mime-types (>= 1.16)
    trollop (2.0)

PLATFORMS
  ruby

DEPENDENCIES
  awesome_print
  colorize
  git!
  rake
  rest-client
  trollop
